GEM
  remote: https://rubygems.org/
  specs:
    mustermann (3.0.0)
      ruby2_keywords (~> 0.0.1)
    pg (1.5.3)
    rack (2.2.7)
    rack-protection (3.0.6)
      rack
    ruby2_keywords (0.0.5)
    sequel (5.68.0)
    sinatra (3.0.6)
      mustermann (~> 3.0)
      rack (~> 2.2, >= 2.2.4)
      rack-protection (= 3.0.6)
      tilt (~> 2.0)
    tilt (2.1.0)

PLATFORMS
  x86_64-linux

DEPENDENCIES
  pg
  sequel (~> 5.68)
  sinatra (~> 3.0, >= 3.0.6)

RUBY VERSION
   ruby 2.7.7p221

BUNDLED WITH
   2.4.12
